GEM
  remote: https://rubygems.org/
  specs:
    daemons (1.1.9)
    dotenv (0.9.0)
    eventmachine (1.0.3)
    httpclient (2.3.4.1)
    jsonpath (0.5.6)
      multi_json
    multi_json (1.8.4)
    rack (1.5.2)
    rack-protection (1.5.2)
      rack
    sinatra (1.4.4)
      rack (~> 1.4)
      rack-protection (~> 1.4)
      tilt (~> 1.3, >= 1.3.4)
    thin (1.6.1)
      daemons (>= 1.0.9)
      eventmachine (>= 1.0.0)
      rack (>= 1.0.0)
    tilt (1.4.1)

PLATFORMS
  ruby

DEPENDENCIES
  dotenv
  httpclient
  jsonpath
  multi_json
  sinatra
  thin
